RESTRICTION: >= net45
NUGET
  remote: https://api.nuget.org/v3/index.json
    ControlzEx (4.1)
      Microsoft.Xaml.Behaviors.Wpf (>= 1.0.1)
    Extended.Wpf.Toolkit (3.6)
    gong-wpf-dragdrop (2.1)
    JetBrains.Annotations (2019.1.3) - copy_local: true
    MahApps.Metro (2.0.0-alpha0490)
      ControlzEx (>= 4.1 < 5.0)
    MahApps.Metro.IconPacks (3.0.0-alpha0223)
    Microsoft.Xaml.Behaviors.Wpf (1.0.1)
    Newtonsoft.Json (12.0.2) - copy_local: true
    XamlColorSchemeGenerator (3.0.0.31) - copy_local: true
      Newtonsoft.Json (>= 10.1)

GROUP cake
RESTRICTION: >= net45
NUGET
  remote: https://api.nuget.org/v3/index.json
    Cake (0.35)
    Cake.Figlet (1.3.1)
    Cake.Git (0.21)
    Cake.Paket (4.0)
    Cake.Paket.Module (4.0)
    vswhere (2.7.1)
