RESTRICTION: >= net45
NUGET
  remote: https://www.nuget.org/api/v2
    ControlzEx (3.0.2.4)
    Extended.Wpf.Toolkit (3.2)
    gong-wpf-dragdrop (1.1)
    JetBrains.Annotations (11.0)
    MahApps.Metro (1.6.0-alpha0184)
      ControlzEx (> 3.0.2 < 4.0)
    MahApps.Metro.IconPacks (1.9.1)
